GEM
  remote: http://rubygems.org/
  specs:
    activemodel (4.0.0)
      activesupport (= 4.0.0)
      builder (~> 3.1.0)
    activesupport (4.0.0)
      i18n (~> 0.6, >= 0.6.4)
      minitest (~> 4.2)
      multi_json (~> 1.3)
      thread_safe (~> 0.1)
      tzinfo (~> 0.3.37)
    backports (3.6.3)
    bcrypt (3.1.7)
    bond (0.5.1)
    bower (0.0.2)
    bson (1.11.1)
    bson_ext (1.11.1)
      bson (~> 1.11.1)
    builder (3.1.4)
    byebug (3.5.1)
      columnize (~> 0.8)
      debugger-linecache (~> 1.2)
      slop (~> 3.6)
    coderay (1.1.0)
    colorize (0.7.3)
    columnize (0.8.9)
    debugger-linecache (1.2.0)
    i18n (0.6.11)
    method_source (0.8.2)
    mini_portile (0.6.0)
    minitest (4.7.5)
    mongo (1.11.1)
      bson (= 1.11.1)
    multi_json (1.10.1)
    nokogiri (1.6.3.1)
      mini_portile (= 0.6.0)
    oauth (0.4.7)
    pry (0.10.1)
      coderay (~> 1.1.0)
      method_source (~> 0.8.1)
      slop (~> 3.4)
    pry-byebug (2.0.0)
      byebug (~> 3.4)
      pry (~> 0.10)
    quickbooks-ruby (0.1.5)
      activemodel
      nokogiri
      oauth
      roxml
    quickbooks-ruby-base (1.0.1)
      quickbooks-ruby
    rack (1.5.2)
    rack-parser (0.6.0)
      rack
    rack-protection (1.5.3)
      rack
    rack-test (0.6.2)
      rack (>= 1.0)
    ripl (0.7.1)
      bond (~> 0.5.1)
    ripl-multi_line (0.3.1)
      ripl (>= 0.3.6)
    ripl-rack (0.2.1)
      rack (>= 1.0)
      rack-test (~> 0.6.2)
      ripl (>= 0.7.0)
    roxml (3.3.1)
      activesupport (>= 2.3.0)
      nokogiri (>= 1.3.3)
    shotgun (0.9)
      rack (>= 1.0)
    sinatra (1.4.5)
      rack (~> 1.4)
      rack-protection (~> 1.4)
      tilt (~> 1.3, >= 1.3.4)
    sinatra-contrib (1.4.2)
      backports (>= 2.0)
      multi_json
      rack-protection
      rack-test
      sinatra (~> 1.4.0)
      tilt (~> 1.3)
    slop (3.6.0)
    thread_safe (0.3.4)
    tilt (1.4.1)
    tux (0.3.0)
      ripl (>= 0.3.5)
      ripl-multi_line (>= 0.2.4)
      ripl-rack (>= 0.2.0)
      sinatra (>= 1.2.1)
    tzinfo (0.3.41)

PLATFORMS
  ruby

DEPENDENCIES
  activesupport (= 4.0.0)
  bcrypt (= 3.1.7)
  bower (= 0.0.2)
  bson_ext (= 1.11.1)
  colorize (= 0.7.3)
  mongo (= 1.11.1)
  pry-byebug (= 2.0.0)
  quickbooks-ruby (= 0.1.5)
  quickbooks-ruby-base (= 1.0.1)
  rack-parser (= 0.6.0)
  shotgun (= 0.9)
  sinatra (= 1.4.5)
  sinatra-contrib (= 1.4.2)
  tux (= 0.3)
